GEM
  remote: http://rubygems.org/
  specs:
    json (1.8.1)
    point (1.0.3)
      json (>= 1.1.5)

PLATFORMS
  ruby

DEPENDENCIES
  point
