GEM
  remote: http://rubygems.org/
  specs:
    json (1.7.7)
    point (1.0.1)
      json (>= 1.1.5)

PLATFORMS
  ruby

DEPENDENCIES
  point
